GEM
  remote: https://rubygems.org/
  specs:
    colorize (0.8.1)
    lolcat (42.1.42)
      paint (~> 0.8.3)
      trollop (~> 1.16.2)
    lolize (0.0.3)
      paint (~> 0.8.3)
    paint (0.8.7)
    pastel (0.8.0)
      tty-color (~> 0.5)
    ruby_figlet (0.6.1)
    strings (0.2.1)
      strings-ansi (~> 0.2)
      unicode-display_width (>= 1.5, < 3.0)
      unicode_utils (~> 1.4)
    strings-ansi (0.2.0)
    trollop (1.16.2)
    tty-color (0.6.0)
    tty-cursor (0.7.1)
    tty-prompt (0.23.0)
      pastel (~> 0.8)
      tty-reader (~> 0.8)
    tty-reader (0.9.0)
      tty-cursor (~> 0.7)
      tty-screen (~> 0.8)
      wisper (~> 2.0)
    tty-screen (0.8.1)
    tty-table (0.12.0)
      pastel (~> 0.8)
      strings (~> 0.2.0)
      tty-screen (~> 0.8)
    unicode-display_width (2.0.0)
    unicode_utils (1.4.0)
    wisper (2.0.1)

PLATFORMS
  arm64-darwin-20

DEPENDENCIES
  bundler
  colorize
  lolcat
  lolize
  ruby_figlet
  tty-prompt
  tty-table

BUNDLED WITH
   2.2.15
